PATH
  remote: .
  specs:
    timex_datalink_caldav (1.0.0)

GEM
  remote: https://rubygems.org/
  specs:
    activemodel (7.0.4.3)
      activesupport (= 7.0.4.3)
    activesupport (7.0.4.3)
      concurrent-ruby (~> 1.0, >= 1.0.2)
      i18n (>= 1.6, < 2)
      minitest (>= 5.1)
      tzinfo (~> 2.0)
    addressable (2.8.4)
      public_suffix (>= 2.0.2, < 6.0)
    calendav (0.4.0)
      http
      icalendar
      nokogiri
    concurrent-ruby (1.2.2)
    crc (0.4.2)
    diff-lcs (1.5.0)
    domain_name (0.5.20190701)
      unf (>= 0.0.5, < 1.0.0)
    down (5.4.1)
      addressable (~> 2.8)
    ffi (1.15.5)
    ffi-compiler (1.0.1)
      ffi (>= 1.0.0)
      rake
    http (5.1.1)
      addressable (~> 2.8)
      http-cookie (~> 1.0)
      http-form_data (~> 2.2)
      llhttp-ffi (~> 0.4.0)
    http-cookie (1.0.5)
      domain_name (~> 0.5)
    http-form_data (2.3.0)
    humanize (2.5.1)
    i18n (1.13.0)
      concurrent-ruby (~> 1.0)
    icalendar (2.8.0)
      ice_cube (~> 0.16)
    icalendar-recurrence (1.1.3)
      icalendar (~> 2.0)
      ice_cube (~> 0.16)
    ice_cube (0.16.4)
    llhttp-ffi (0.4.0)
      ffi-compiler (~> 1.0)
      rake (~> 13.0)
    mdb (0.5.0)
    minitest (5.18.0)
    nokogiri (1.14.4-arm64-darwin)
      racc (~> 1.4)
    public_suffix (5.0.1)
    racc (1.6.2)
    rake (13.0.6)
    rspec (3.12.0)
      rspec-core (~> 3.12.0)
      rspec-expectations (~> 3.12.0)
      rspec-mocks (~> 3.12.0)
    rspec-core (3.12.2)
      rspec-support (~> 3.12.0)
    rspec-expectations (3.12.3)
      diff-lcs (>= 1.2.0, < 2.0)
      rspec-support (~> 3.12.0)
    rspec-mocks (3.12.5)
      diff-lcs (>= 1.2.0, < 2.0)
      rspec-support (~> 3.12.0)
    rspec-support (3.12.0)
    ruby-progressbar (1.13.0)
    rubyserial (0.6.0)
      ffi (~> 1.9, >= 1.9.3)
    text (1.3.1)
    timex_datalink_client (0.11.0)
      activemodel (~> 7.0.4)
      crc (~> 0.4.2)
      mdb (~> 0.5.0)
      rubyserial (~> 0.6.0)
    tzinfo (2.0.6)
      concurrent-ruby (~> 1.0)
    unf (0.1.4)
      unf_ext
    unf_ext (0.0.8.2)
    yaml (0.2.1)

PLATFORMS
  arm64-darwin-22

DEPENDENCIES
  activesupport (~> 7.0)
  calendav (~> 0.4.0)
  down (~> 5.4)
  humanize (~> 2.5)
  icalendar (~> 2.8)
  icalendar-recurrence (~> 1.1)
  rake (~> 13.0)
  rspec (~> 3.12)
  ruby-progressbar (~> 1.13)
  text (~> 1.3)
  timex_datalink_caldav!
  timex_datalink_client (~> 0.11.0)
  tzinfo (~> 2.0)
  yaml (~> 0.2.1)

BUNDLED WITH
   2.4.10
