PATH
  remote: .
  specs:
    timex_datalink_caldav (0.1.0)

GEM
  remote: https://rubygems.org/
  specs:
    activemodel (7.0.4.3)
      activesupport (= 7.0.4.3)
    activesupport (7.0.4.3)
      concurrent-ruby (~> 1.0, >= 1.0.2)
      i18n (>= 1.6, < 2)
      minitest (>= 5.1)
      tzinfo (~> 2.0)
    ast (2.4.2)
    builder (3.2.4)
    concurrent-ruby (1.2.2)
    crc (0.4.2)
    diff-lcs (1.5.0)
    fakeweb (1.3.0)
    ffi (1.15.5)
    i18n (1.13.0)
      concurrent-ruby (~> 1.0)
    icalendar (1.5.4)
    json (2.6.3)
    macaddr (1.7.2)
      systemu (~> 2.6.5)
    mdb (0.5.0)
    minitest (5.18.0)
    net-http-digest_auth (1.4.1)
    parallel (1.23.0)
    parser (3.2.2.1)
      ast (~> 2.4.1)
    rainbow (3.1.1)
    rake (13.0.6)
    regexp_parser (2.8.0)
    rexml (3.2.5)
    rspec (2.99.0)
      rspec-core (~> 2.99.0)
      rspec-expectations (~> 2.99.0)
      rspec-mocks (~> 2.99.0)
    rspec-core (2.99.2)
    rspec-expectations (2.99.2)
      diff-lcs (>= 1.1.3, < 2.0)
    rspec-mocks (2.99.4)
    rubocop (1.50.2)
      json (~> 2.3)
      parallel (~> 1.10)
      parser (>= 3.2.0.0)
      rainbow (>= 2.2.2, < 4.0)
      regexp_parser (>= 1.8, < 3.0)
      rexml (>= 3.2.5, < 4.0)
      rubocop-ast (>= 1.28.0, < 2.0)
      ruby-progressbar (~> 1.7)
      unicode-display_width (>= 2.4.0, < 3.0)
    rubocop-ast (1.28.1)
      parser (>= 3.2.1.0)
    ruby-progressbar (1.13.0)
    rubyserial (0.6.0)
      ffi (~> 1.9, >= 1.9.3)
    systemu (2.6.5)
    timex_datalink_client (0.11.0)
      activemodel (~> 7.0.4)
      crc (~> 0.4.2)
      mdb (~> 0.5.0)
      rubyserial (~> 0.6.0)
    twisted-caldav (0.0.0.3)
      builder (~> 3.x)
      fakeweb (~> 1.x)
      icalendar (~> 1.x)
      net-http-digest_auth (~> 1.x)
      rspec (~> 2.x)
      uuid (~> 2.x)
    tzinfo (2.0.6)
      concurrent-ruby (~> 1.0)
    unicode-display_width (2.4.2)
    uuid (2.3.9)
      macaddr (~> 1.0)

PLATFORMS
  arm64-darwin-22

DEPENDENCIES
  timex_datalink_caldav!
  rake (~> 13.0)
  rubocop (~> 1.21)
  timex_datalink_client (~> 0.11.0)
  twisted-caldav (~> 0.0.0)

BUNDLED WITH
   2.4.10
